GEM
  remote: https://rubygems.org/
  specs:
    terminal-table (1.4.5)
    trollop (2.0)

PLATFORMS
  java
  ruby

DEPENDENCIES
  terminal-table
  trollop
